GEM
  remote: https://rubygems.org/
  specs:
    actionmailer (4.0.0)
      actionpack (= 4.0.0)
      mail (~> 2.5.3)
    actionpack (4.0.0)
      activesupport (= 4.0.0)
      builder (~> 3.1.0)
      erubis (~> 2.7.0)
      rack (~> 1.5.2)
      rack-test (~> 0.6.2)
    activemodel (4.0.0)
      activesupport (= 4.0.0)
      builder (~> 3.1.0)
    activerecord (4.0.0)
      activemodel (= 4.0.0)
      activerecord-deprecated_finders (~> 1.0.2)
      activesupport (= 4.0.0)
      arel (~> 4.0.0)
    activerecord-deprecated_finders (1.0.3)
    activesupport (4.0.0)
      i18n (~> 0.6, >= 0.6.4)
      minitest (~> 4.2)
      multi_json (~> 1.3)
      thread_safe (~> 0.1)
      tzinfo (~> 0.3.37)
    addressable (2.3.5)
    arel (4.0.1)
    atomic (1.1.14)
    builder (3.1.4)
    chronic (0.10.1)
    coffee-rails (4.0.1)
      coffee-script (>= 2.2.0)
      railties (>= 4.0.0, < 5.0)
    coffee-script (2.2.0)
      coffee-script-source
      execjs
    coffee-script-source (1.6.3)
    commonjs (0.2.7)
    diff-lcs (1.2.4)
    ebnf (0.3.1)
      rdf
      sxp
    equivalent-xml (0.3.0)
      nokogiri (>= 1.4.3)
    erubis (2.7.0)
    execjs (2.0.2)
    faker (1.2.0)
      i18n (~> 0.5)
    haml (4.0.3)
      tilt
    hike (1.2.3)
    htmlentities (4.3.1)
    http_accept_language (2.0.0)
    i18n (0.6.9)
    jbuilder (1.5.3)
      activesupport (>= 3.0.0)
      multi_json (>= 1.2.0)
    jquery-rails (3.0.4)
      railties (>= 3.0, < 5.0)
      thor (>= 0.14, < 2.0)
    json (1.8.1)
    json-ld (1.0.5)
      json (>= 1.7.5)
      rdf (>= 1.0.7)
    json_pure (1.8.0)
    less (2.4.0)
      commonjs (~> 0.2.7)
    less-rails (2.4.2)
      actionpack (>= 3.1)
      less (~> 2.4.0)
    libv8 (3.16.14.3)
    logger (1.2.8)
    mail (2.5.4)
      mime-types (~> 1.16)
      treetop (~> 1.4.8)
    mime-types (1.25.1)
    mini_portile (0.5.1)
    minitest (4.7.5)
    multi_json (1.8.2)
    multi_logger (0.1.0)
      railties
    net-http-persistent (2.9)
    nokogiri (1.6.0)
      mini_portile (~> 0.5.0)
    polyglot (0.3.3)
    puma (2.7.1)
      rack (>= 1.1, < 2.0)
    rack (1.5.2)
    rack-test (0.6.2)
      rack (>= 1.0)
    rails (4.0.0)
      actionmailer (= 4.0.0)
      actionpack (= 4.0.0)
      activerecord (= 4.0.0)
      activesupport (= 4.0.0)
      bundler (>= 1.3.0, < 2.0)
      railties (= 4.0.0)
      sprockets-rails (~> 2.0.0)
    railties (4.0.0)
      actionpack (= 4.0.0)
      activesupport (= 4.0.0)
      rake (>= 0.8.7)
      thor (>= 0.18.1, < 2.0)
    rake (10.1.0)
    rdf (1.0.7)
      addressable (>= 2.2)
    rdf-aggregate-repo (0.1.2)
      rdf (>= 1.0)
    rdf-microdata (1.0.0)
      htmlentities (>= 4.3.0)
      json (>= 1.7.6)
      rdf (>= 1.0)
      rdf-xsd (>= 1.0)
    rdf-rdfa (1.0.2)
      haml (>= 4.0)
      htmlentities (>= 4.3.1)
      rdf (>= 1.0.5)
      rdf-xsd (>= 1.0)
    rdf-turtle (1.0.9)
      ebnf (>= 0.3.0)
      rdf (>= 1.0.7)
    rdf-xsd (1.0.2.1)
      nokogiri (>= 1.5.0)
      rdf (>= 0.3.4)
    rdoc (3.12.2)
      json (~> 1.4)
    ref (1.0.5)
    rest-client (1.6.7)
      mime-types (>= 1.16)
    rspec-core (2.14.6)
    rspec-expectations (2.14.3)
      diff-lcs (>= 1.1.3, < 2.0)
    rspec-mocks (2.14.4)
    rspec-rails (2.14.0)
      actionpack (>= 3.0)
      activesupport (>= 3.0)
      railties (>= 3.0)
      rspec-core (~> 2.14.0)
      rspec-expectations (~> 2.14.0)
      rspec-mocks (~> 2.14.0)
    ruby-progressbar (1.2.0)
    sdoc (0.3.20)
      json (>= 1.1.3)
      rdoc (~> 3.10)
    sparql (1.1.0)
      builder (>= 3.0)
      ebnf (>= 0.3.0)
      json (>= 1.7)
      rdf (>= 1.0.7)
      rdf-aggregate-repo
      rdf-xsd (>= 1.0.2)
      sparql-client (>= 1.0.3)
      sxp (>= 0.1.3)
    sparql-client (1.0.4.1)
      json_pure (>= 1.4)
      net-http-persistent (>= 1.4)
      rdf (>= 1.0)
    sprockets (2.10.1)
      hike (~> 1.2)
      multi_json (~> 1.0)
      rack (~> 1.0)
      tilt (~> 1.1, != 1.3.0)
    sprockets-rails (2.0.1)
      actionpack (>= 3.0)
      activesupport (>= 3.0)
      sprockets (~> 2.8)
    sxp (0.1.3)
      json (>= 1.1.1)
    sys-proctable (0.9.3)
    therubyracer (0.12.0)
      libv8 (~> 3.16.14.0)
      ref
    thor (0.18.1)
    thread_safe (0.1.3)
      atomic
    tilt (1.4.1)
    treetop (1.4.15)
      polyglot
      polyglot (>= 0.3.1)
    turbolinks (2.0.0)
      coffee-rails
    twitter-bootstrap-rails (2.2.8)
      actionpack (>= 3.1)
      execjs
      rails (>= 3.1)
      railties (>= 3.1)
    tzinfo (0.3.38)
    uglifier (2.3.2)
      execjs (>= 0.3.0)
      json (>= 1.8.0)
    whenever (0.8.4)
      activesupport (>= 2.3.4)
      chronic (>= 0.6.3)
    zipruby (0.3.6)

PLATFORMS
  ruby

DEPENDENCIES
  coffee-rails (~> 4.0.0)
  equivalent-xml (~> 0.3.0)
  faker (~> 1.2.0)
  http_accept_language (~> 2.0.0.pre)
  jbuilder (~> 1.2)
  jquery-rails
  json (~> 1.8.0)
  json-ld (~> 1.0.5)
  less-rails (~> 2.4.2)
  logger (~> 1.2.8)
  multi_logger (~> 0.1.0)
  nokogiri (~> 1.6.0)
  puma
  rails (= 4.0.0)
  rdf (~> 1.0.7)
  rdf-microdata (~> 1.0.0)
  rdf-rdfa (~> 1.0.2)
  rdf-turtle (~> 1.0.9)
  rest-client (~> 1.6.7)
  rspec-rails (~> 2.0)
  ruby-progressbar (~> 1.2.0)
  sdoc
  sparql (~> 1.1.0)
  sparql-client (~> 1.0.4.1)
  sys-proctable
  therubyracer
  turbolinks
  twitter-bootstrap-rails (~> 2.2.8)
  uglifier (>= 1.3.0)
  whenever
  zipruby (~> 0.3.6)
